GIT
  remote: git://github.com/sirbrillig/chingu
  revision: ad4762e798bbf8d02381e2d0f302c7bbe27b55f9
  branch: line-of-sight
  specs:
    chingu (0.9rc9)
      gosu (>= 0.7.45)
      gosu (>= 0.7.45)

GEM
  remote: http://rubygems.org/
  specs:
    gosu (0.7.45)

PLATFORMS
  ruby

DEPENDENCIES
  chingu!
