GIT
  remote: git://github.com/sirbrillig/chingu
  revision: 136fdb480a9b1ab4a1732078961b8978b2ae9ec7
  branch: line-of-sight
  specs:
    chingu (0.9rc9)
      gosu (>= 0.7.45)
      gosu (>= 0.7.45)

GEM
  remote: http://rubygems.org/
  specs:
    gosu (0.7.45)

PLATFORMS
  ruby

DEPENDENCIES
  chingu!
