GIT
  remote: git://github.com/sirbrillig/chingu
  revision: 9d99e6e3e208f4cc87c6da4e4e2b533f32821018
  branch: line-of-sight
  specs:
    chingu (0.9rc9)
      gosu (>= 0.7.45)
      gosu (>= 0.7.45)

GEM
  remote: http://rubygems.org/
  specs:
    gosu (0.7.45)

PLATFORMS
  ruby

DEPENDENCIES
  chingu!
